GEM
  remote: https://rubygems.org/
  specs:
    bigdecimal (3.1.8)
    cgi (0.4.1)
    coderay (1.1.3)
    concurrent-ruby (1.3.1)
    csv (3.3.0)
    diff-lcs (1.5.1)
    erb (4.0.4)
      cgi (>= 0.3.3)
    faker (3.4.1)
      i18n (>= 1.8.11, < 2)
    httparty (0.22.0)
      csv
      mini_mime (>= 1.0.0)
      multi_xml (>= 0.5.2)
    i18n (1.14.5)
      concurrent-ruby (~> 1.0)
    method_source (1.1.0)
    mini_mime (1.1.5)
    multi_xml (0.7.1)
      bigdecimal (~> 3.1)
    pry (0.14.2)
      coderay (~> 1.1)
      method_source (~> 1.0)
    rspec (3.13.0)
      rspec-core (~> 3.13.0)
      rspec-expectations (~> 3.13.0)
      rspec-mocks (~> 3.13.0)
    rspec-core (3.13.0)
      rspec-support (~> 3.13.0)
    rspec-expectations (3.13.0)
      diff-lcs (>= 1.2.0, < 2.0)
      rspec-support (~> 3.13.0)
    rspec-mocks (3.13.1)
      diff-lcs (>= 1.2.0, < 2.0)
      rspec-support (~> 3.13.0)
    rspec-support (3.13.1)

PLATFORMS
  x64-mingw-ucrt

DEPENDENCIES
  erb
  faker
  httparty
  pry
  rspec

BUNDLED WITH
   2.5.11
